GEM
  remote: https://rubygems.org/
  specs:
    google-protobuf (3.11.4)
    googleapis-common-protos-types (1.0.4)
      google-protobuf (~> 3.0)
    grpc (1.27.0)
      google-protobuf (~> 3.11)
      googleapis-common-protos-types (~> 1.0)
    grpc-tools (1.27.0)
    ipaddr (1.2.2)
    openssl (2.1.2)
      ipaddr
    strongdm (1.0.0)
      grpc (~> 1.27.0, >= 1.27.0)
      grpc-tools (~> 1.27.0, >= 1.27.0)
      openssl (~> 2.1.2, >= 2.1.2)

PLATFORMS
  ruby

DEPENDENCIES
  strongdm

BUNDLED WITH
   1.17.2
